GIT
  remote: https://github.com/pulibrary/pul_assets.git
  revision: 10fb751d3401d61ea2dad579dcd064d0d97da845
  branch: main
  specs:
    pul-assets (0.2.2)
      bourbon (~> 4.2.6)
      breakpoint (~> 2.7.0)
      jquery-datatables-rails (~> 3.4.0)
      jquery-tablesorter (~> 1.27.2)
      modernizr-rails (~> 2.7.1)
      normalize-rails (~> 3.0.3)
      susy (~> 2.2.12)

GEM
  remote: https://rubygems.org/
  specs:
    actioncable (6.0.5.1)
      actionpack (= 6.0.5.1)
      nio4r (~> 2.0)
      websocket-driver (>= 0.6.1)
    actionmailbox (6.0.5.1)
      actionpack (= 6.0.5.1)
      activejob (= 6.0.5.1)
      activerecord (= 6.0.5.1)
      activestorage (= 6.0.5.1)
      activesupport (= 6.0.5.1)
      mail (>= 2.7.1)
    actionmailer (6.0.5.1)
      actionpack (= 6.0.5.1)
      actionview (= 6.0.5.1)
      activejob (= 6.0.5.1)
      mail (~> 2.5, >= 2.5.4)
      rails-dom-testing (~> 2.0)
    actionpack (6.0.5.1)
      actionview (= 6.0.5.1)
      activesupport (= 6.0.5.1)
      rack (~> 2.0, >= 2.0.8)
      rack-test (>= 0.6.3)
      rails-dom-testing (~> 2.0)
      rails-html-sanitizer (~> 1.0, >= 1.2.0)
    actiontext (6.0.5.1)
      actionpack (= 6.0.5.1)
      activerecord (= 6.0.5.1)
      activestorage (= 6.0.5.1)
      activesupport (= 6.0.5.1)
      nokogiri (>= 1.8.5)
    actionview (6.0.5.1)
      activesupport (= 6.0.5.1)
      builder (~> 3.1)
      erubi (~> 1.4)
      rails-dom-testing (~> 2.0)
      rails-html-sanitizer (~> 1.1, >= 1.2.0)
    activejob (6.0.5.1)
      activesupport (= 6.0.5.1)
      globalid (>= 0.3.6)
    activemodel (6.0.5.1)
      activesupport (= 6.0.5.1)
    activerecord (6.0.5.1)
      activemodel (= 6.0.5.1)
      activesupport (= 6.0.5.1)
    activerecord-import (1.4.0)
      activerecord (>= 4.2)
    activestorage (6.0.5.1)
      actionpack (= 6.0.5.1)
      activejob (= 6.0.5.1)
      activerecord (= 6.0.5.1)
      marcel (~> 1.0)
    activesupport (6.0.5.1)
      concurrent-ruby (~> 1.0, >= 1.0.2)
      i18n (>= 0.7, < 2)
      minitest (~> 5.1)
      tzinfo (~> 1.1)
      zeitwerk (~> 2.2, >= 2.2.2)
    airbrussh (1.4.0)
      sshkit (>= 1.6.1, != 1.7.0)
    bcrypt (3.1.17)
    bootstrap-kaminari-views (0.0.5)
      kaminari (>= 0.13)
      rails (>= 3.1)
    bourbon (4.2.7)
      sass (~> 3.4)
      thor (~> 0.19)
    breakpoint (2.7.1)
      sass (~> 3.3)
      sassy-maps (< 1.0.0)
    builder (3.2.4)
    byebug (11.1.3)
    capistrano (3.17.0)
      airbrussh (>= 1.0.0)
      i18n
      rake (>= 10.0.0)
      sshkit (>= 1.9.0)
    capistrano-bundler (2.0.1)
      capistrano (~> 3.1)
    capistrano-passenger (0.2.1)
      capistrano (~> 3.0)
    capistrano-rails (1.6.2)
      capistrano (~> 3.1)
      capistrano-bundler (>= 1.1, < 3)
    coffee-rails (5.0.0)
      coffee-script (>= 2.2.0)
      railties (>= 5.2.0)
    coffee-script (2.4.1)
      coffee-script-source
      execjs
    coffee-script-source (1.12.2)
    commonjs (0.2.7)
    concurrent-ruby (1.1.10)
    crass (1.0.6)
    devise (4.8.1)
      bcrypt (~> 3.0)
      orm_adapter (~> 0.1)
      railties (>= 4.1.0)
      responders
      warden (~> 1.2.3)
    diff-lcs (1.5.0)
    erubi (1.10.0)
    execjs (2.8.1)
    ffi (1.15.5)
    globalid (1.0.0)
      activesupport (>= 5.0)
    i18n (1.11.0)
      concurrent-ruby (~> 1.0)
    jbuilder (2.11.5)
      actionview (>= 5.0.0)
      activesupport (>= 5.0.0)
    jquery-datatables-rails (3.4.0)
      actionpack (>= 3.1)
      jquery-rails
      railties (>= 3.1)
      sass-rails
    jquery-rails (4.4.0)
      rails-dom-testing (>= 1, < 3)
      railties (>= 4.2.0)
      thor (>= 0.14, < 2.0)
    jquery-tablesorter (1.27.2)
      railties (>= 3.2)
    kaminari (1.2.2)
      activesupport (>= 4.1.0)
      kaminari-actionview (= 1.2.2)
      kaminari-activerecord (= 1.2.2)
      kaminari-core (= 1.2.2)
    kaminari-actionview (1.2.2)
      actionview
      kaminari-core (= 1.2.2)
    kaminari-activerecord (1.2.2)
      activerecord
      kaminari-core (= 1.2.2)
    kaminari-core (1.2.2)
    less (2.6.0)
      commonjs (~> 0.2.7)
    less-rails (4.0.0)
      actionpack (>= 4)
      less (~> 2.6.0)
      sprockets (>= 2)
    loofah (2.19.1)
      crass (~> 1.0.2)
      nokogiri (>= 1.5.9)
    mail (2.7.1)
      mini_mime (>= 0.1.1)
    marcel (1.0.2)
    method_source (1.0.0)
    mini_mime (1.1.2)
    mini_portile2 (2.8.0)
    minitest (5.16.2)
    modernizr-rails (2.7.1)
    net-scp (3.0.0)
      net-ssh (>= 2.6.5, < 7.0.0)
    net-ssh (6.1.0)
    nio4r (2.5.8)
    nokogiri (1.13.10)
      mini_portile2 (~> 2.8.0)
      racc (~> 1.4)
    normalize-rails (3.0.3)
    orm_adapter (0.5.0)
    pg (1.3.5)
    racc (1.6.1)
    rack (2.2.4)
    rack-test (2.0.2)
      rack (>= 1.3)
    rails (6.0.5.1)
      actioncable (= 6.0.5.1)
      actionmailbox (= 6.0.5.1)
      actionmailer (= 6.0.5.1)
      actionpack (= 6.0.5.1)
      actiontext (= 6.0.5.1)
      actionview (= 6.0.5.1)
      activejob (= 6.0.5.1)
      activemodel (= 6.0.5.1)
      activerecord (= 6.0.5.1)
      activestorage (= 6.0.5.1)
      activesupport (= 6.0.5.1)
      bundler (>= 1.3.0)
      railties (= 6.0.5.1)
      sprockets-rails (>= 2.0.0)
    rails-dom-testing (2.0.3)
      activesupport (>= 4.2.0)
      nokogiri (>= 1.6)
    rails-html-sanitizer (1.4.4)
      loofah (~> 2.19, >= 2.19.1)
    railties (6.0.5.1)
      actionpack (= 6.0.5.1)
      activesupport (= 6.0.5.1)
      method_source
      rake (>= 0.8.7)
      thor (>= 0.20.3, < 2.0)
    rake (13.0.6)
    rdoc (6.3.3)
    responders (3.0.1)
      actionpack (>= 5.0)
      railties (>= 5.0)
    rspec-core (3.11.0)
      rspec-support (~> 3.11.0)
    rspec-expectations (3.11.0)
      diff-lcs (>= 1.2.0, < 2.0)
      rspec-support (~> 3.11.0)
    rspec-mocks (3.11.1)
      diff-lcs (>= 1.2.0, < 2.0)
      rspec-support (~> 3.11.0)
    rspec-rails (5.1.2)
      actionpack (>= 5.2)
      activesupport (>= 5.2)
      railties (>= 5.2)
      rspec-core (~> 3.10)
      rspec-expectations (~> 3.10)
      rspec-mocks (~> 3.10)
      rspec-support (~> 3.10)
    rspec-support (3.11.0)
    sass (3.4.25)
    sass-rails (6.0.0)
      sassc-rails (~> 2.1, >= 2.1.1)
    sassc (2.4.0)
      ffi (~> 1.9)
    sassc-rails (2.1.2)
      railties (>= 4.0.0)
      sassc (>= 2.0)
      sprockets (> 3.0)
      sprockets-rails
      tilt
    sassy-maps (0.4.0)
      sass (~> 3.3)
    sdoc (2.4.0)
      rdoc (>= 5.0)
    smarter_csv (1.6.1)
    sprockets (4.1.1)
      concurrent-ruby (~> 1.0)
      rack (> 1, < 3)
    sprockets-rails (3.4.2)
      actionpack (>= 5.2)
      activesupport (>= 5.2)
      sprockets (>= 3.0.0)
    sshkit (1.21.2)
      net-scp (>= 1.1.2)
      net-ssh (>= 2.8.0)
    susy (2.2.14)
      sass (>= 3.3.0, < 3.5)
    thor (0.20.3)
    thread_safe (0.3.6)
    tilt (2.0.10)
    turbolinks (5.2.1)
      turbolinks-source (~> 5.2)
    turbolinks-source (5.2.0)
    twitter-bootstrap-rails (5.0.0)
      actionpack (>= 5.0, < 8.0)
      execjs (~> 2.7)
      less-rails (>= 3.0, < 5.0)
      railties (>= 5.0, < 8.0)
    tzinfo (1.2.10)
      thread_safe (~> 0.1)
    uglifier (4.2.0)
      execjs (>= 0.3.0, < 3)
    warden (1.2.9)
      rack (>= 2.0.9)
    websocket-driver (0.7.5)
      websocket-extensions (>= 0.1.0)
    websocket-extensions (0.1.5)
    zeitwerk (2.6.0)

PLATFORMS
  ruby

DEPENDENCIES
  activerecord-import
  bootstrap-kaminari-views
  byebug
  capistrano
  capistrano-bundler
  capistrano-passenger
  capistrano-rails
  coffee-rails
  devise
  jbuilder
  jquery-rails
  kaminari
  nokogiri
  pg
  pul-assets!
  rails (~> 6.0.5)
  rdoc (~> 6.3.3)
  rspec-rails
  sass-rails
  sdoc
  smarter_csv
  turbolinks
  twitter-bootstrap-rails
  uglifier

BUNDLED WITH
   2.2.27
